PATH
  remote: .
  specs:
    enom (1.0.0)
      httparty (~> 0.7.3)

GEM
  remote: http://rubygems.org/
  specs:
    crack (0.1.8)
    fakeweb (1.3.0)
    httparty (0.7.8)
      crack (= 0.1.8)
    rake (0.9.2)
    shoulda (2.11.3)

PLATFORMS
  ruby

DEPENDENCIES
  enom!
  fakeweb
  rake (~> 0.9)
  shoulda
